PATH
  remote: .
  specs:
    postnummer (0.1.0)
      mechanize (~> 2.5.1)

GEM
  remote: http://rubygems.org/
  specs:
    domain_name (0.5.3)
      unf (~> 0.0.3)
    fakeweb (1.3.0)
    mechanize (2.5.1)
      domain_name (~> 0.5, >= 0.5.1)
      mime-types (~> 1.17, >= 1.17.2)
      net-http-digest_auth (~> 1.1, >= 1.1.1)
      net-http-persistent (~> 2.5, >= 2.5.2)
      nokogiri (~> 1.4)
      ntlm-http (~> 0.1, >= 0.1.1)
      webrobots (~> 0.0, >= 0.0.9)
    mime-types (1.18)
    mini_portile2 (2.8.0)
    multi_json (1.3.5)
    net-http-digest_auth (1.2)
    net-http-persistent (2.6)
    nokogiri (1.13.9)
      mini_portile2 (~> 2.8.0)
      racc (~> 1.4)
    ntlm-http (0.1.1)
    racc (1.6.0)
    rake (0.9.2.2)
    shoulda (2.11.3)
    simplecov (0.6.4)
      multi_json (~> 1.0)
      simplecov-html (~> 0.5.3)
    simplecov-html (0.5.3)
    unf (0.0.5)
      unf_ext
    unf_ext (0.0.4)
    webrobots (0.0.13)
    yard (0.8.1)

PLATFORMS
  ruby

DEPENDENCIES
  bundler
  fakeweb
  postnummer!
  rake
  shoulda
  simplecov
  yard
